PATH
  remote: .
  specs:
    immortal (1.0.5)
      activerecord (~> 3.2.0.rc1)

GEM
  remote: http://rubygems.org/
  specs:
    activemodel (3.2.0.rc1)
      activesupport (= 3.2.0.rc1)
      builder (~> 3.0.0)
      i18n (~> 0.6)
    activerecord (3.2.0.rc1)
      activemodel (= 3.2.0.rc1)
      activesupport (= 3.2.0.rc1)
      arel (~> 3.0.0.rc1)
      tzinfo (~> 0.3.29)
    activesupport (3.2.0.rc1)
      i18n (~> 0.6)
      multi_json (~> 1.0)
    arel (3.0.0.rc1)
    builder (3.0.0)
    diff-lcs (1.1.3)
    i18n (0.6.0)
    multi_json (1.0.4)
    rspec (2.6.0)
      rspec-core (~> 2.6.0)
      rspec-expectations (~> 2.6.0)
      rspec-mocks (~> 2.6.0)
    rspec-core (2.6.4)
    rspec-expectations (2.6.0)
      diff-lcs (~> 1.1.2)
    rspec-mocks (2.6.0)
    sqlite3 (1.3.5)
    tzinfo (0.3.31)

PLATFORMS
  ruby

DEPENDENCIES
  immortal!
  rspec (~> 2.6.0)
  sqlite3
